GIT
  remote: git://github.com/blaet/nulldb.git
  revision: 1556bdfa38fbb466f40712db6c307b59621df5bd
  branch: support_enable_extension
  specs:
    activerecord-nulldb-adapter (0.2.3)
      activerecord (>= 2.0.0)

GIT
  remote: git://github.com/ernie/ransack.git
  revision: 43fff052ca7a850103c2ac122c99541cd34cf48d
  branch: rails-4
  specs:
    ransack (0.7.3)
      actionpack (~> 4.0.0)
      activerecord (~> 4.0.0)
      polyamorous (~> 0.6.0)

GIT
  remote: git://github.com/huacnlee/rails-settings-cached.git
  revision: 3ae9a33fff32fec4a28cabaa81d9d4329aaa065d
  specs:
    rails-settings-cached (0.3.1)
      rails (>= 4.0.0.beta1)

GIT
  remote: git://github.com/jodosha/redis-store.git
  revision: f445272b30ae3030b942a9a10681c2672d04b39b
  specs:
    redis-actionpack (3.2.3)
      actionpack (>= 3.2.3)
      redis-rack (~> 1.4.0)
      redis-store (~> 1.1.0)
    redis-activesupport (3.2.3)
      activesupport (>= 3.2.3)
      redis-store (~> 1.1.0)
    redis-rack (1.4.2)
      rack (~> 1.4)
      redis-store (~> 1.1.0)
    redis-rails (3.2.3)
      redis-actionpack (>= 3.2.3)
      redis-activesupport (>= 3.2.3)
      redis-store (~> 1.1.0)

GIT
  remote: git://github.com/josevalim/inherited_resources.git
  revision: 2656ca0cea51cc7469be1d30cace24752d5b4e3b
  specs:
    inherited_resources (1.4.0)
      has_scope (~> 0.6.0.rc)
      responders (~> 1.0.0.rc)

GIT
  remote: git://github.com/justinfrench/formtastic.git
  revision: cd6cb88f28ea7444267802ced8e5ec0f5cfd0f90
  specs:
    formtastic (2.3.0.rc2)
      actionpack (>= 3.0)

GIT
  remote: git://github.com/plataformatec/simple_form.git
  revision: 3ea3226e2f5eb83c6723639fc10480a721347f7e
  branch: master
  specs:
    simple_form (3.0.0.rc)
      actionpack (>= 4.0.0, < 4.1)
      activemodel (>= 4.0.0, < 4.1)

GIT
  remote: git://github.com/rails/rails-observers.git
  revision: 25ad85c3029b8c78bb984b2c968e2b98bdcc2dff
  specs:
    rails-observers (0.1.1)

GIT
  remote: git://github.com/rails/rails.git
  revision: c2e5e09e8870b2f05109e11a05b1c9d8fe21f442
  branch: 4-0-stable
  specs:
    actionmailer (4.0.0)
      actionpack (= 4.0.0)
      mail (~> 2.5.4)
    actionpack (4.0.0)
      activesupport (= 4.0.0)
      builder (~> 3.1.0)
      erubis (~> 2.7.0)
      rack (~> 1.5.2)
      rack-test (~> 0.6.2)
    activemodel (4.0.0)
      activesupport (= 4.0.0)
      builder (~> 3.1.0)
    activerecord (4.0.0)
      activemodel (= 4.0.0)
      activerecord-deprecated_finders (~> 1.0.2)
      activesupport (= 4.0.0)
      arel (~> 4.0.0)
    activesupport (4.0.0)
      i18n (~> 0.6, >= 0.6.4)
      minitest (~> 4.2)
      multi_json (~> 1.3)
      thread_safe (~> 0.1)
      tzinfo (~> 0.3.37)
    rails (4.0.0)
      actionmailer (= 4.0.0)
      actionpack (= 4.0.0)
      activerecord (= 4.0.0)
      activesupport (= 4.0.0)
      bundler (>= 1.3.0, < 2.0)
      railties (= 4.0.0)
      sprockets-rails (~> 2.0.0)
    railties (4.0.0)
      actionpack (= 4.0.0)
      activesupport (= 4.0.0)
      rake (>= 0.8.7)
      thor (>= 0.18.1, < 2.0)

GIT
  remote: git://github.com/rails/sass-rails.git
  revision: 31f756f208ee71af935454ab4dfb34786d15e891
  specs:
    sass-rails (4.0.0)
      railties (>= 4.0.0, < 5.0)
      sass (>= 3.1.10)
      sprockets-rails (~> 2.0.0)

GIT
  remote: git://github.com/rails/sprockets-rails.git
  revision: 3aebadc2d5063bd51385b4f599e01a144327b29a
  specs:
    sprockets-rails (2.0.0)
      actionpack (>= 3.0)
      activesupport (>= 3.0)
      sprockets (~> 2.8)

GIT
  remote: git://github.com/ryancheung/active_admin.git
  revision: 54fb71c5415f7b1a7aa0cdde680ee882fa3b2d6f
  ref: 54fb71c5415f7b1a7aa0cdde680ee882fa3b2d6f
  specs:
    activeadmin (0.6.0)
      arbre (>= 1.0.1)
      bourbon (>= 1.0.0)
      coffee-rails (>= 3.2.0)
      devise (>= 3.0.0.rc)
      formtastic (>= 2.0.0)
      inherited_resources (>= 1.3.1)
      jquery-rails (>= 3.0.0)
      jquery-ui-rails (>= 4.0.0)
      kaminari (>= 0.13.0)
      rails (>= 3.2.0)
      ransack (>= 0.7.0)
      sass-rails (>= 3.2.0)

GIT
  remote: git://github.com/ryancheung/activeadmin-sortable-tree.git
  revision: e0d0bf5649b34b3b55631f6babe5f4c589256628
  specs:
    activeadmin-sortable-tree (0.0.1)
      activeadmin
      rails (>= 3.2)

GIT
  remote: git://github.com/ryancheung/ckeditor.git
  revision: ddfc78b977fbd8e569587df930722c172cbac426
  specs:
    ckeditor (4.0.6)
      mime-types
      orm_adapter

GIT
  remote: git://github.com/zenhacks/friendly_id.git
  revision: c49ce30ff2b370669ccf1708e99fb08ab51435d9
  specs:
    friendly_id (4.1.0.beta.2)

GIT
  remote: https://github.com/SamSaffron/MiniProfiler.git
  revision: deef8654370a39b4039b5a0565cb64cd82c25403
  specs:
    rack-mini-profiler (0.1.27)
      rack (>= 1.1.3)

GIT
  remote: https://github.com/SquareSquash/rails.git
  revision: 9a7fda65a04a9925c557d07bf861bff856a55b0b
  specs:
    squash_rails (1.1.4)
      squash_ruby

GIT
  remote: https://github.com/SquareSquash/ruby.git
  revision: 91e17e2b565b1304d0f4e1cf54a73ad7b335a0a7
  specs:
    squash_ruby (1.2.0)
      json

GIT
  remote: https://github.com/ctran/annotate_models.git
  revision: 18a4e2eb77c8f3ef695b563e4a7ca45dfede819b
  specs:
    annotate (2.6.0.beta2)
      activerecord (>= 2.3.0)
      rake (>= 0.8.7)

GIT
  remote: https://github.com/zenhacks/capistrano-zen.git
  revision: 59a0e07b7910d57c93ac43e080e2e305bebac103
  specs:
    capistrano-zen (0.0.3)
      capistrano (>= 2.5.3)

GIT
  remote: https://github.com/zenhacks/forgery.git
  revision: 852431bfa9a1b2b74dd24f7185f23ce7b52c760c
  specs:
    forgery (0.5.0)

PATH
  remote: vendor/plugins/huali-blog
  specs:
    huali-blog (0.0.1)
      kaminari
      rails (~> 4.0.0)
      slim

GEM
  remote: http://ruby.taobao.org/
  specs:
    activerecord-deprecated_finders (1.0.3)
    acts-as-taggable-on (2.4.1)
      rails (>= 3, < 5)
    addressable (2.3.5)
    analytics-ruby (0.3.2)
      faraday (>= 0.8, < 0.10)
      faraday_middleware (>= 0.8, < 0.10)
      multi_json (~> 1.0)
    arbre (1.0.1)
      activesupport (>= 3.0.0)
    arel (4.0.0)
    atomic (1.1.10)
    awesome_print (1.1.0)
    axlsx (1.3.6)
      htmlentities (~> 4.3.1)
      nokogiri (>= 1.4.1)
      rubyzip (>= 0.9.5)
    backports (3.3.2)
    backup (3.4.0)
      open4 (~> 1.3.0)
      thor (>= 0.15.4, < 2)
    bcrypt-ruby (3.1.1)
    better_errors (0.9.0)
      coderay (>= 1.0.0)
      erubis (>= 2.6.6)
    binding_of_caller (0.7.2)
      debug_inspector (>= 0.0.1)
    bond (0.4.3)
    bootstrap-sass (2.2.1.1)
      sass (~> 3.2)
    bourbon (3.1.8)
      sass (>= 3.2.0)
      thor
    builder (3.1.4)
    cancan (1.6.10)
    capistrano (2.15.5)
      highline
      net-scp (>= 1.0.0)
      net-sftp (>= 2.0.0)
      net-ssh (>= 2.0.14)
      net-ssh-gateway (>= 1.1.0)
    capybara (2.1.0)
      mime-types (>= 1.16)
      nokogiri (>= 1.3.3)
      rack (>= 1.0.0)
      rack-test (>= 0.5.4)
      xpath (~> 2.0)
    celluloid (0.14.1)
      timers (>= 1.0.0)
    childprocess (0.3.9)
      ffi (~> 1.0, >= 1.0.11)
    choice (0.1.6)
    chronic (0.9.1)
    climate_control (0.0.3)
      activesupport (>= 3.0)
    closure_tree (4.2.7)
      activerecord (>= 3.0.0)
      with_advisory_lock (>= 0.0.9)
    cocaine (0.5.1)
      climate_control (>= 0.0.3, < 1.0)
    coderay (1.0.9)
    coffee-rails (4.0.0)
      coffee-script (>= 2.2.0)
      railties (>= 4.0.0.beta, < 5.0)
    coffee-script (2.2.0)
      coffee-script-source
      execjs
    coffee-script-source (1.6.3)
    columnize (0.3.6)
    connection_pool (1.1.0)
    css_parser (1.3.4)
      addressable
    daemons (1.1.9)
    database_cleaner (1.0.1)
    debug_inspector (0.0.2)
    debugger (1.6.1)
      columnize (>= 0.3.1)
      debugger-linecache (~> 1.2.0)
      debugger-ruby_core_source (~> 1.2.3)
    debugger-linecache (1.2.0)
    debugger-ruby_core_source (1.2.3)
    descendants_tracker (0.0.1)
    devise (3.0.0.rc)
      bcrypt-ruby (~> 3.0)
      orm_adapter (~> 0.1)
      railties (>= 3.2.6, < 5)
      warden (~> 1.2.1)
    devise-i18n (0.8.6)
    diff-lcs (1.2.4)
    draper (1.2.1)
      actionpack (>= 3.0)
      activesupport (>= 3.0)
      request_store (~> 1.0.3)
    em-websocket (0.5.0)
      eventmachine (>= 0.12.9)
      http_parser.rb (~> 0.5.3)
    email_spec (1.4.0)
      launchy (~> 2.1)
      mail (~> 2.2)
    enumerize (0.6.1)
      activesupport (>= 3.2)
    erubis (2.7.0)
    eventmachine (1.0.3)
    execjs (1.4.0)
      multi_json (~> 1.0)
    factory_girl (4.2.0)
      activesupport (>= 3.0.0)
    factory_girl_rails (4.2.1)
      factory_girl (~> 4.2.0)
      railties (>= 3.0.0)
    faraday (0.8.7)
      multipart-post (~> 1.1)
    faraday_middleware (0.9.0)
      faraday (>= 0.7.4, < 0.9)
    ffi (1.9.0)
    figaro (0.7.0)
      bundler (~> 1.0)
      rails (>= 3, < 5)
    formatador (0.2.4)
    gibbon (0.4.6)
      httparty
      multi_json (>= 1.3.4)
    growl (1.0.3)
    guard (1.8.1)
      formatador (>= 0.2.4)
      listen (>= 1.0.0)
      lumberjack (>= 1.0.2)
      pry (>= 0.9.10)
      thor (>= 0.14.6)
    guard-bundler (1.0.0)
      bundler (~> 1.0)
      guard (~> 1.1)
    guard-livereload (1.4.0)
      em-websocket (>= 0.5.0)
      guard (>= 1.8.0)
      multi_json (~> 1.7)
    guard-pow (1.0.0)
      guard (>= 1.1)
    guard-rspec (3.0.2)
      guard (>= 1.8)
      rspec (~> 2.13)
    guard-spork (1.5.1)
      childprocess (>= 0.2.3)
      guard (>= 1.1)
      spork (>= 0.8.4)
    has_scope (0.6.0.rc)
      actionpack (>= 3.2, < 5)
      activesupport (>= 3.2, < 5)
    hashie (2.0.5)
    highline (1.6.19)
    hike (1.2.3)
    htmlentities (4.3.1)
    http_parser.rb (0.5.3)
    httparty (0.11.0)
      multi_json (~> 1.0)
      multi_xml (>= 0.5.2)
    httpauth (0.2.0)
    humanizer (2.4.4)
    i18n (0.6.4)
    interception (0.3)
    jquery-rails (3.0.4)
      railties (>= 3.0, < 5.0)
      thor (>= 0.14, < 2.0)
    jquery-ui-rails (4.0.3)
      jquery-rails
      railties (>= 3.1.0)
    json (1.8.0)
    jwt (0.1.8)
      multi_json (>= 1.5)
    kaminari (0.14.1)
      actionpack (>= 3.0.0)
      activesupport (>= 3.0.0)
    kgio (2.8.0)
    kramdown (0.14.2)
    launchy (2.3.0)
      addressable (~> 2.3)
    letter_opener (1.1.2)
      launchy (~> 2.2)
    listen (1.2.2)
      rb-fsevent (>= 0.9.3)
      rb-inotify (>= 0.9)
      rb-kqueue (>= 0.2)
    lumberjack (1.0.4)
    mail (2.5.4)
      mime-types (~> 1.16)
      treetop (~> 1.4.8)
    meta_request (0.2.1)
      rack-contrib
      rails
    method_source (0.8.1)
    mime-types (1.23)
    mini_portile (0.5.1)
    minitest (4.7.5)
    mobylette (3.4.1)
      actionpack (>= 3.0)
    multi_json (1.7.7)
    multi_xml (0.5.4)
    multipart-post (1.2.0)
    net-scp (1.1.2)
      net-ssh (>= 2.6.5)
    net-sftp (2.1.2)
      net-ssh (>= 2.6.5)
    net-ssh (2.6.8)
    net-ssh-gateway (1.2.0)
      net-ssh (>= 2.6.5)
    newrelic_rpm (3.6.5.130)
    nokogiri (1.6.0)
      mini_portile (~> 0.5.0)
    oauth2 (0.8.1)
      faraday (~> 0.8)
      httpauth (~> 0.1)
      jwt (~> 0.1.4)
      multi_json (~> 1.0)
      rack (~> 1.2)
    omniauth (1.1.4)
      hashie (>= 1.2, < 3)
      rack
    omniauth-douban-oauth2 (0.0.6)
      omniauth (~> 1.0)
      omniauth-oauth2 (~> 1.1)
    omniauth-oauth2 (1.1.1)
      oauth2 (~> 0.8.0)
      omniauth (~> 1.0)
    omniauth-qq-connect (0.2.0)
      omniauth (~> 1.0)
      omniauth-oauth2 (~> 1.0)
    omniauth-weibo-oauth2 (0.3.0)
      omniauth (~> 1.0)
      omniauth-oauth2 (~> 1.0)
    open4 (1.3.0)
    orm_adapter (0.4.0)
    paperclip (3.4.2)
      activemodel (>= 3.0.0)
      activerecord (>= 3.0.0)
      activesupport (>= 3.0.0)
      cocaine (~> 0.5.0)
      mime-types
    pg (0.15.1)
    phonelib (0.2.4)
    polyamorous (0.6.3)
      activerecord (>= 3.0)
    polyglot (0.3.3)
    pry (0.9.12.2)
      coderay (~> 1.0.5)
      method_source (~> 0.8)
      slop (~> 3.4)
    pry-debugger (0.2.2)
      debugger (~> 1.3)
      pry (~> 0.9.10)
    pry-doc (0.4.6)
      pry (>= 0.9)
      yard (>= 0.8)
    pry-docmore (0.1.1)
      pry
      pry-doc
    pry-rails (0.3.1)
      pry (>= 0.9.10)
    pry-remote (0.1.7)
      pry (~> 0.9)
      slop (~> 3.0)
    pry-rescue (1.1.1)
      interception (>= 0.3)
      pry
    pry-stack_explorer (0.4.9)
      binding_of_caller (>= 0.7)
      pry (~> 0.9.11)
    rack (1.5.2)
    rack-contrib (1.1.0)
      rack (>= 0.9.1)
    rack-protection (1.5.0)
      rack
    rack-test (0.6.2)
      rack (>= 1.0)
    railroady (1.1.0)
    rails-erd (1.1.0)
      activerecord (>= 3.0)
      activesupport (>= 3.0)
      choice (~> 0.1.6)
      ruby-graphviz (~> 1.0.4)
    rails-i18n (0.7.4)
      i18n (~> 0.5)
    raindrops (0.11.0)
    rake (10.1.0)
    rb-fsevent (0.9.3)
    rb-inotify (0.9.0)
      ffi (>= 0.5.0)
    rb-kqueue (0.2.0)
      ffi (>= 0.5.0)
    redis (3.0.4)
    redis-namespace (1.3.0)
      redis (~> 3.0.0)
    redis-store (1.1.2)
      redis (>= 2.2.0)
    request_store (1.0.5)
    responders (1.0.0.rc)
      railties (>= 3.2, < 5)
    roadie (2.4.1)
      actionmailer (> 3.0.0, < 5.0.0)
      css_parser (~> 1.3.4)
      nokogiri (> 1.5.0, < 1.7.0)
      sprockets
    rr (1.1.2)
    rspec (2.14.1)
      rspec-core (~> 2.14.0)
      rspec-expectations (~> 2.14.0)
      rspec-mocks (~> 2.14.0)
    rspec-core (2.14.3)
    rspec-expectations (2.14.0)
      diff-lcs (>= 1.1.3, < 2.0)
    rspec-instafail (0.2.4)
    rspec-mocks (2.14.1)
    rspec-rails (2.14.0)
      actionpack (>= 3.0)
      activesupport (>= 3.0)
      railties (>= 3.0)
      rspec-core (~> 2.14.0)
      rspec-expectations (~> 2.14.0)
      rspec-mocks (~> 2.14.0)
    ruby-graphviz (1.0.9)
    rubyzip (0.9.9)
    sass (3.2.9)
    selenium-webdriver (2.33.0)
      childprocess (>= 0.2.5)
      multi_json (~> 1.0)
      rubyzip
      websocket (~> 1.0.4)
    shoulda-matchers (2.2.0)
      activesupport (>= 3.0.0)
    sidekiq (2.13.0)
      celluloid (>= 0.14.1)
      connection_pool (>= 1.0.0)
      json
      redis (>= 3.0)
      redis-namespace
    sidekiq-failures (0.2.1)
      sidekiq (>= 2.2.1)
    simplecov (0.7.1)
      multi_json (~> 1.0)
      simplecov-html (~> 0.7.1)
    simplecov-html (0.7.1)
    sinatra (1.4.3)
      rack (~> 1.4)
      rack-protection (~> 1.4)
      tilt (~> 1.3, >= 1.3.4)
    sitemap_generator (4.1.1)
      builder
    slim (2.0.0)
      temple (~> 0.6.5)
      tilt (~> 1.3, >= 1.3.3)
    slop (3.4.5)
    spork (1.0.0rc3)
    sprockets (2.10.0)
      hike (~> 1.2)
      multi_json (~> 1.0)
      rack (~> 1.0)
      tilt (~> 1.1, != 1.3.0)
    state_machine (1.2.0)
    temple (0.6.5)
    thin (1.5.1)
      daemons (>= 1.0.9)
      eventmachine (>= 0.12.6)
      rack (>= 1.0.0)
    thor (0.18.1)
    thread_safe (0.1.0)
      atomic
    tilt (1.4.1)
    timers (1.1.0)
    treetop (1.4.14)
      polyglot
      polyglot (>= 0.3.1)
    twilio-ruby (3.10.0)
      builder (>= 2.1.2)
      jwt (>= 0.1.2)
      multi_json (>= 1.3.0)
    tzinfo (0.3.37)
    uglifier (2.1.2)
      execjs (>= 0.3.0)
      multi_json (~> 1.0, >= 1.0.2)
    unicorn (4.6.3)
      kgio (~> 2.6)
      rack
      raindrops (~> 0.7)
    virtus (0.5.5)
      backports (~> 3.3)
      descendants_tracker (~> 0.0.1)
    warden (1.2.3)
      rack (>= 1.0)
    websocket (1.0.7)
    whenever (0.8.3)
      activesupport (>= 2.3.4)
      chronic (>= 0.6.3)
    with_advisory_lock (0.0.10)
      activerecord (>= 3.0.0)
    xpath (2.0.0)
      nokogiri (~> 1.3)
    yard (0.8.6.2)

PLATFORMS
  ruby

DEPENDENCIES
  activeadmin!
  activeadmin-sortable-tree!
  activerecord-nulldb-adapter!
  acts-as-taggable-on (~> 2.4.1)
  analytics-ruby
  annotate!
  awesome_print
  axlsx
  backup
  better_errors
  binding_of_caller
  bond
  bootstrap-sass (~> 2.2.1.1)
  cancan (~> 1.0)
  capistrano (~> 2.0)
  capistrano-zen!
  capybara (>= 1.1.2)
  ckeditor!
  closure_tree
  coffee-rails
  database_cleaner (>= 0.8.0)
  devise (= 3.0.0.rc)
  devise-i18n
  draper (~> 1.0)
  email_spec (>= 1.2.1)
  enumerize
  factory_girl_rails (>= 4.0.0)
  faraday
  figaro
  forgery!
  formtastic!
  friendly_id!
  gibbon
  growl
  guard
  guard-bundler
  guard-livereload
  guard-pow
  guard-rspec
  guard-spork
  huali-blog!
  humanizer
  inherited_resources!
  jquery-rails
  jquery-ui-rails (>= 4.0.0)
  kramdown (~> 0.13)
  letter_opener
  meta_request (= 0.2.1)
  mobylette
  newrelic_rpm
  omniauth
  omniauth-douban-oauth2
  omniauth-qq-connect
  omniauth-weibo-oauth2
  paperclip (~> 3.0)
  pg (>= 0.14.1)
  phonelib (~> 0.2.4)
  pry
  pry-debugger
  pry-doc
  pry-docmore
  pry-rails
  pry-remote
  pry-rescue
  pry-stack_explorer
  rack-mini-profiler!
  railroady
  rails (~> 4.0.0)!
  rails-erd
  rails-i18n
  rails-observers!
  rails-settings-cached!
  ransack!
  rb-fsevent
  redis-rails!
  roadie
  rr
  rspec-instafail
  rspec-rails (>= 2.11.0)
  ruby-graphviz
  sass-rails!
  selenium-webdriver
  shoulda-matchers
  sidekiq (~> 2.9)
  sidekiq-failures
  simple_form!
  simplecov
  sinatra
  sitemap_generator
  slim
  spork (~> 1.0rc)
  sprockets-rails!
  squash_rails!
  squash_ruby!
  state_machine
  thin (>= 1.4.1)
  twilio-ruby
  uglifier (>= 1.0.3)
  unicorn
  virtus
  whenever
